STORAGE: NONE
RESTRICTION: == net9.0
NUGET
  remote: https://www.nuget.org/api/v2
    coverlet.collector (6.0.4) - copy_local: true
    Google.Protobuf (3.32.1)
    Grpc.Core.Api (2.71)
    Grpc.Net.Client (2.71)
      Grpc.Net.Common (>= 2.71)
      Microsoft.Extensions.Logging.Abstractions (>= 6.0)
    Grpc.Net.Common (2.71)
      Grpc.Core.Api (>= 2.71)
    Humanizer.Core (2.14.1)
    K4os.Orleans.Streaming.Redis (0.0.1)
      Microsoft.Orleans.Streaming (>= 9.1.2)
      StackExchange.Redis (>= 2.8.31)
    Microsoft.AspNetCore.Connections.Abstractions (9.0.9)
      Microsoft.Extensions.Features (>= 9.0.9)
    Microsoft.AspNetCore.OpenApi (9.0.9)
      Microsoft.OpenApi (>= 1.6.17)
    Microsoft.CodeAnalysis.Analyzers (3.11)
    Microsoft.CodeAnalysis.Common (4.14)
      Microsoft.CodeAnalysis.Analyzers (>= 3.11)
      System.Collections.Immutable (>= 9.0)
      System.Reflection.Metadata (>= 9.0)
    Microsoft.CodeAnalysis.Workspaces.Common (4.14)
      Humanizer.Core (>= 2.14.1)
      Microsoft.CodeAnalysis.Analyzers (>= 3.11)
      Microsoft.CodeAnalysis.Common (4.14)
      System.Collections.Immutable (>= 9.0)
      System.Composition (>= 9.0)
      System.IO.Pipelines (>= 9.0)
      System.Reflection.Metadata (>= 9.0)
      System.Threading.Channels (>= 7.0)
    Microsoft.CodeCoverage (17.14.1)
    Microsoft.Extensions.Configuration (9.0.9)
      Microsoft.Extensions.Configuration.Abstractions (>= 9.0.9)
      Microsoft.Extensions.Primitives (>= 9.0.9)
    Microsoft.Extensions.Configuration.Abstractions (9.0.9)
      Microsoft.Extensions.Primitives (>= 9.0.9)
    Microsoft.Extensions.Configuration.Binder (9.0.9)
      Microsoft.Extensions.Configuration.Abstractions (>= 9.0.9)
    Microsoft.Extensions.Configuration.CommandLine (9.0.9)
      Microsoft.Extensions.Configuration (>= 9.0.9)
      Microsoft.Extensions.Configuration.Abstractions (>= 9.0.9)
    Microsoft.Extensions.Configuration.EnvironmentVariables (9.0.9)
      Microsoft.Extensions.Configuration (>= 9.0.9)
      Microsoft.Extensions.Configuration.Abstractions (>= 9.0.9)
    Microsoft.Extensions.Configuration.FileExtensions (9.0.9)
      Microsoft.Extensions.Configuration (>= 9.0.9)
      Microsoft.Extensions.Configuration.Abstractions (>= 9.0.9)
      Microsoft.Extensions.FileProviders.Abstractions (>= 9.0.9)
      Microsoft.Extensions.FileProviders.Physical (>= 9.0.9)
      Microsoft.Extensions.Primitives (>= 9.0.9)
    Microsoft.Extensions.Configuration.Json (9.0.9)
      Microsoft.Extensions.Configuration (>= 9.0.9)
      Microsoft.Extensions.Configuration.Abstractions (>= 9.0.9)
      Microsoft.Extensions.Configuration.FileExtensions (>= 9.0.9)
      Microsoft.Extensions.FileProviders.Abstractions (>= 9.0.9)
    Microsoft.Extensions.Configuration.UserSecrets (9.0.9)
      Microsoft.Extensions.Configuration.Abstractions (>= 9.0.9)
      Microsoft.Extensions.Configuration.Json (>= 9.0.9)
      Microsoft.Extensions.FileProviders.Abstractions (>= 9.0.9)
      Microsoft.Extensions.FileProviders.Physical (>= 9.0.9)
    Microsoft.Extensions.DependencyInjection (9.0.9)
      Microsoft.Extensions.DependencyInjection.Abstractions (>= 9.0.9)
    Microsoft.Extensions.DependencyInjection.Abstractions (9.0.9)
    Microsoft.Extensions.DependencyModel (9.0.9)
    Microsoft.Extensions.Diagnostics (9.0.9)
      Microsoft.Extensions.Configuration (>= 9.0.9)
      Microsoft.Extensions.Diagnostics.Abstractions (>= 9.0.9)
      Microsoft.Extensions.Options.ConfigurationExtensions (>= 9.0.9)
    Microsoft.Extensions.Diagnostics.Abstractions (9.0.9)
      Microsoft.Extensions.DependencyInjection.Abstractions (>= 9.0.9)
      Microsoft.Extensions.Options (>= 9.0.9)
    Microsoft.Extensions.Diagnostics.HealthChecks (9.0.9)
      Microsoft.Extensions.Diagnostics.HealthChecks.Abstractions (>= 9.0.9)
      Microsoft.Extensions.Hosting.Abstractions (>= 9.0.9)
      Microsoft.Extensions.Logging.Abstractions (>= 9.0.9)
      Microsoft.Extensions.Options (>= 9.0.9)
    Microsoft.Extensions.Diagnostics.HealthChecks.Abstractions (9.0.9)
    Microsoft.Extensions.Features (9.0.9)
    Microsoft.Extensions.FileProviders.Abstractions (9.0.9)
      Microsoft.Extensions.Primitives (>= 9.0.9)
    Microsoft.Extensions.FileProviders.Physical (9.0.9)
      Microsoft.Extensions.FileProviders.Abstractions (>= 9.0.9)
      Microsoft.Extensions.FileSystemGlobbing (>= 9.0.9)
      Microsoft.Extensions.Primitives (>= 9.0.9)
    Microsoft.Extensions.FileSystemGlobbing (9.0.9)
    Microsoft.Extensions.Hosting (9.0.9)
      Microsoft.Extensions.Configuration (>= 9.0.9)
      Microsoft.Extensions.Configuration.Abstractions (>= 9.0.9)
      Microsoft.Extensions.Configuration.Binder (>= 9.0.9)
      Microsoft.Extensions.Configuration.CommandLine (>= 9.0.9)
      Microsoft.Extensions.Configuration.EnvironmentVariables (>= 9.0.9)
      Microsoft.Extensions.Configuration.FileExtensions (>= 9.0.9)
      Microsoft.Extensions.Configuration.Json (>= 9.0.9)
      Microsoft.Extensions.Configuration.UserSecrets (>= 9.0.9)
      Microsoft.Extensions.DependencyInjection (>= 9.0.9)
      Microsoft.Extensions.DependencyInjection.Abstractions (>= 9.0.9)
      Microsoft.Extensions.Diagnostics (>= 9.0.9)
      Microsoft.Extensions.FileProviders.Abstractions (>= 9.0.9)
      Microsoft.Extensions.FileProviders.Physical (>= 9.0.9)
      Microsoft.Extensions.Hosting.Abstractions (>= 9.0.9)
      Microsoft.Extensions.Logging (>= 9.0.9)
      Microsoft.Extensions.Logging.Abstractions (>= 9.0.9)
      Microsoft.Extensions.Logging.Configuration (>= 9.0.9)
      Microsoft.Extensions.Logging.Console (>= 9.0.9)
      Microsoft.Extensions.Logging.Debug (>= 9.0.9)
      Microsoft.Extensions.Logging.EventLog (>= 9.0.9)
      Microsoft.Extensions.Logging.EventSource (>= 9.0.9)
      Microsoft.Extensions.Options (>= 9.0.9)
    Microsoft.Extensions.Hosting.Abstractions (9.0.9)
      Microsoft.Extensions.Configuration.Abstractions (>= 9.0.9)
      Microsoft.Extensions.DependencyInjection.Abstractions (>= 9.0.9)
      Microsoft.Extensions.Diagnostics.Abstractions (>= 9.0.9)
      Microsoft.Extensions.FileProviders.Abstractions (>= 9.0.9)
      Microsoft.Extensions.Logging.Abstractions (>= 9.0.9)
    Microsoft.Extensions.Logging (9.0.9)
      Microsoft.Extensions.DependencyInjection (>= 9.0.9)
      Microsoft.Extensions.Logging.Abstractions (>= 9.0.9)
      Microsoft.Extensions.Options (>= 9.0.9)
    Microsoft.Extensions.Logging.Abstractions (9.0.9)
      Microsoft.Extensions.DependencyInjection.Abstractions (>= 9.0.9)
    Microsoft.Extensions.Logging.Configuration (9.0.9)
      Microsoft.Extensions.Configuration (>= 9.0.9)
      Microsoft.Extensions.Configuration.Abstractions (>= 9.0.9)
      Microsoft.Extensions.Configuration.Binder (>= 9.0.9)
      Microsoft.Extensions.DependencyInjection.Abstractions (>= 9.0.9)
      Microsoft.Extensions.Logging (>= 9.0.9)
      Microsoft.Extensions.Logging.Abstractions (>= 9.0.9)
      Microsoft.Extensions.Options (>= 9.0.9)
      Microsoft.Extensions.Options.ConfigurationExtensions (>= 9.0.9)
    Microsoft.Extensions.Logging.Console (9.0.9)
      Microsoft.Extensions.DependencyInjection.Abstractions (>= 9.0.9)
      Microsoft.Extensions.Logging (>= 9.0.9)
      Microsoft.Extensions.Logging.Abstractions (>= 9.0.9)
      Microsoft.Extensions.Logging.Configuration (>= 9.0.9)
      Microsoft.Extensions.Options (>= 9.0.9)
    Microsoft.Extensions.Logging.Debug (9.0.9)
      Microsoft.Extensions.DependencyInjection.Abstractions (>= 9.0.9)
      Microsoft.Extensions.Logging (>= 9.0.9)
      Microsoft.Extensions.Logging.Abstractions (>= 9.0.9)
    Microsoft.Extensions.Logging.EventLog (9.0.9)
      Microsoft.Extensions.DependencyInjection.Abstractions (>= 9.0.9)
      Microsoft.Extensions.Logging (>= 9.0.9)
      Microsoft.Extensions.Logging.Abstractions (>= 9.0.9)
      Microsoft.Extensions.Options (>= 9.0.9)
      System.Diagnostics.EventLog (>= 9.0.9)
    Microsoft.Extensions.Logging.EventSource (9.0.9)
      Microsoft.Extensions.DependencyInjection.Abstractions (>= 9.0.9)
      Microsoft.Extensions.Logging (>= 9.0.9)
      Microsoft.Extensions.Logging.Abstractions (>= 9.0.9)
      Microsoft.Extensions.Options (>= 9.0.9)
      Microsoft.Extensions.Primitives (>= 9.0.9)
    Microsoft.Extensions.ObjectPool (9.0.9)
    Microsoft.Extensions.Options (9.0.9)
      Microsoft.Extensions.DependencyInjection.Abstractions (>= 9.0.9)
      Microsoft.Extensions.Primitives (>= 9.0.9)
    Microsoft.Extensions.Options.ConfigurationExtensions (9.0.9)
      Microsoft.Extensions.Configuration.Abstractions (>= 9.0.9)
      Microsoft.Extensions.Configuration.Binder (>= 9.0.9)
      Microsoft.Extensions.DependencyInjection.Abstractions (>= 9.0.9)
      Microsoft.Extensions.Options (>= 9.0.9)
      Microsoft.Extensions.Primitives (>= 9.0.9)
    Microsoft.Extensions.Primitives (9.0.9)
    Microsoft.NET.Test.Sdk (17.14.1)
      Microsoft.CodeCoverage (>= 17.14.1)
      Microsoft.TestPlatform.TestHost (>= 17.14.1)
    Microsoft.OpenApi (1.6.26)
    Microsoft.Orleans.Analyzers (9.2.1)
    Microsoft.Orleans.Client (9.2.1)
      Microsoft.AspNetCore.Connections.Abstractions (>= 8.0.11)
      Microsoft.CodeAnalysis.Analyzers (>= 3.11)
      Microsoft.CodeAnalysis.Common (>= 4.5)
      Microsoft.CodeAnalysis.Workspaces.Common (>= 4.5)
      Microsoft.Extensions.Configuration (>= 8.0)
      Microsoft.Extensions.Configuration.Abstractions (>= 8.0)
      Microsoft.Extensions.Configuration.Binder (>= 8.0.2)
      Microsoft.Extensions.Configuration.Json (>= 8.0.1)
      Microsoft.Extensions.DependencyInjection (>= 8.0.1)
      Microsoft.Extensions.DependencyInjection.Abstractions (>= 8.0.2)
      Microsoft.Extensions.DependencyModel (>= 8.0.2)
      Microsoft.Extensions.Hosting (>= 8.0.1)
      Microsoft.Extensions.Hosting.Abstractions (>= 8.0.1)
      Microsoft.Extensions.Logging (>= 8.0.1)
      Microsoft.Extensions.Logging.Abstractions (>= 8.0.3)
      Microsoft.Extensions.Logging.Console (>= 8.0.1)
      Microsoft.Extensions.Logging.Debug (>= 8.0.1)
      Microsoft.Extensions.ObjectPool (>= 8.0.11)
      Microsoft.Extensions.Options (>= 8.0.2)
      Microsoft.Extensions.Options.ConfigurationExtensions (>= 8.0)
      Microsoft.Orleans.Sdk (>= 9.2.1)
      Newtonsoft.Json (>= 13.0.3)
      System.Collections.Immutable (>= 8.0)
      System.IO.Hashing (>= 8.0)
      System.IO.Pipelines (>= 8.0)
      System.Memory.Data (>= 8.0.1)
    Microsoft.Orleans.Clustering.Redis (9.2.1)
      Microsoft.AspNetCore.Connections.Abstractions (>= 8.0.11)
      Microsoft.CodeAnalysis.Analyzers (>= 3.11)
      Microsoft.CodeAnalysis.Common (>= 4.5)
      Microsoft.CodeAnalysis.Workspaces.Common (>= 4.5)
      Microsoft.Extensions.Configuration (>= 8.0)
      Microsoft.Extensions.Configuration.Abstractions (>= 8.0)
      Microsoft.Extensions.Configuration.Binder (>= 8.0.2)
      Microsoft.Extensions.Configuration.Json (>= 8.0.1)
      Microsoft.Extensions.DependencyInjection (>= 8.0.1)
      Microsoft.Extensions.DependencyInjection.Abstractions (>= 8.0.2)
      Microsoft.Extensions.DependencyModel (>= 8.0.2)
      Microsoft.Extensions.Hosting (>= 8.0.1)
      Microsoft.Extensions.Hosting.Abstractions (>= 8.0.1)
      Microsoft.Extensions.Logging (>= 8.0.1)
      Microsoft.Extensions.Logging.Abstractions (>= 8.0.3)
      Microsoft.Extensions.Logging.Console (>= 8.0.1)
      Microsoft.Extensions.Logging.Debug (>= 8.0.1)
      Microsoft.Extensions.ObjectPool (>= 8.0.11)
      Microsoft.Extensions.Options (>= 8.0.2)
      Microsoft.Extensions.Options.ConfigurationExtensions (>= 8.0)
      Microsoft.Orleans.Analyzers (>= 9.2.1)
      Microsoft.Orleans.CodeGenerator (>= 9.2.1)
      Microsoft.Orleans.Runtime (>= 9.2.1)
      Newtonsoft.Json (>= 13.0.3)
      StackExchange.Redis (>= 2.8.16)
      System.Collections.Immutable (>= 8.0)
      System.IO.Hashing (>= 8.0)
      System.IO.Pipelines (>= 8.0)
      System.Memory.Data (>= 8.0.1)
    Microsoft.Orleans.CodeGenerator (9.2.1)
    Microsoft.Orleans.Core (9.2.1)
      Microsoft.AspNetCore.Connections.Abstractions (>= 8.0.11)
      Microsoft.CodeAnalysis.Analyzers (>= 3.11)
      Microsoft.CodeAnalysis.Common (>= 4.5)
      Microsoft.CodeAnalysis.Workspaces.Common (>= 4.5)
      Microsoft.Extensions.Configuration (>= 8.0)
      Microsoft.Extensions.Configuration.Abstractions (>= 8.0)
      Microsoft.Extensions.Configuration.Binder (>= 8.0.2)
      Microsoft.Extensions.Configuration.Json (>= 8.0.1)
      Microsoft.Extensions.DependencyInjection (>= 8.0.1)
      Microsoft.Extensions.DependencyInjection.Abstractions (>= 8.0.2)
      Microsoft.Extensions.DependencyModel (>= 8.0.2)
      Microsoft.Extensions.Hosting (>= 8.0.1)
      Microsoft.Extensions.Hosting.Abstractions (>= 8.0.1)
      Microsoft.Extensions.Logging (>= 8.0.1)
      Microsoft.Extensions.Logging.Abstractions (>= 8.0.3)
      Microsoft.Extensions.Logging.Console (>= 8.0.1)
      Microsoft.Extensions.Logging.Debug (>= 8.0.1)
      Microsoft.Extensions.ObjectPool (>= 8.0.11)
      Microsoft.Extensions.Options (>= 8.0.2)
      Microsoft.Extensions.Options.ConfigurationExtensions (>= 8.0)
      Microsoft.Orleans.Analyzers (>= 9.2.1)
      Microsoft.Orleans.CodeGenerator (>= 9.2.1)
      Microsoft.Orleans.Core.Abstractions (>= 9.2.1)
      Newtonsoft.Json (>= 13.0.3)
      System.Collections.Immutable (>= 8.0)
      System.IO.Hashing (>= 8.0)
      System.IO.Pipelines (>= 8.0)
      System.Memory.Data (>= 8.0.1)
    Microsoft.Orleans.Core.Abstractions (9.2.1)
      Microsoft.CodeAnalysis.Analyzers (>= 3.11)
      Microsoft.CodeAnalysis.Common (>= 4.5)
      Microsoft.CodeAnalysis.Workspaces.Common (>= 4.5)
      Microsoft.Extensions.Configuration.Abstractions (>= 8.0)
      Microsoft.Extensions.DependencyInjection (>= 8.0.1)
      Microsoft.Extensions.DependencyInjection.Abstractions (>= 8.0.2)
      Microsoft.Extensions.DependencyModel (>= 8.0.2)
      Microsoft.Extensions.Logging (>= 8.0.1)
      Microsoft.Extensions.Logging.Abstractions (>= 8.0.3)
      Microsoft.Extensions.ObjectPool (>= 8.0.11)
      Microsoft.Extensions.Options (>= 8.0.2)
      Microsoft.Orleans.Analyzers (>= 9.2.1)
      Microsoft.Orleans.CodeGenerator (>= 9.2.1)
      Microsoft.Orleans.Serialization (>= 9.2.1)
      System.Collections.Immutable (>= 8.0)
      System.IO.Hashing (>= 8.0)
      System.IO.Pipelines (>= 8.0)
    Microsoft.Orleans.Persistence.Memory (9.2.1)
      Microsoft.AspNetCore.Connections.Abstractions (>= 8.0.11)
      Microsoft.CodeAnalysis.Analyzers (>= 3.11)
      Microsoft.CodeAnalysis.Common (>= 4.5)
      Microsoft.CodeAnalysis.Workspaces.Common (>= 4.5)
      Microsoft.Extensions.Configuration (>= 8.0)
      Microsoft.Extensions.Configuration.Abstractions (>= 8.0)
      Microsoft.Extensions.Configuration.Binder (>= 8.0.2)
      Microsoft.Extensions.Configuration.Json (>= 8.0.1)
      Microsoft.Extensions.DependencyInjection (>= 8.0.1)
      Microsoft.Extensions.DependencyInjection.Abstractions (>= 8.0.2)
      Microsoft.Extensions.DependencyModel (>= 8.0.2)
      Microsoft.Extensions.Hosting (>= 8.0.1)
      Microsoft.Extensions.Hosting.Abstractions (>= 8.0.1)
      Microsoft.Extensions.Logging (>= 8.0.1)
      Microsoft.Extensions.Logging.Abstractions (>= 8.0.3)
      Microsoft.Extensions.Logging.Console (>= 8.0.1)
      Microsoft.Extensions.Logging.Debug (>= 8.0.1)
      Microsoft.Extensions.ObjectPool (>= 8.0.11)
      Microsoft.Extensions.Options (>= 8.0.2)
      Microsoft.Extensions.Options.ConfigurationExtensions (>= 8.0)
      Microsoft.Orleans.Analyzers (>= 9.2.1)
      Microsoft.Orleans.CodeGenerator (>= 9.2.1)
      Microsoft.Orleans.Runtime (>= 9.2.1)
      Newtonsoft.Json (>= 13.0.3)
      System.Collections.Immutable (>= 8.0)
      System.IO.Hashing (>= 8.0)
      System.IO.Pipelines (>= 8.0)
      System.Memory.Data (>= 8.0.1)
    Microsoft.Orleans.Persistence.Redis (9.2.1)
      Microsoft.AspNetCore.Connections.Abstractions (>= 8.0.11)
      Microsoft.CodeAnalysis.Analyzers (>= 3.11)
      Microsoft.CodeAnalysis.Common (>= 4.5)
      Microsoft.CodeAnalysis.Workspaces.Common (>= 4.5)
      Microsoft.Extensions.Configuration (>= 8.0)
      Microsoft.Extensions.Configuration.Abstractions (>= 8.0)
      Microsoft.Extensions.Configuration.Binder (>= 8.0.2)
      Microsoft.Extensions.Configuration.Json (>= 8.0.1)
      Microsoft.Extensions.DependencyInjection (>= 8.0.1)
      Microsoft.Extensions.DependencyInjection.Abstractions (>= 8.0.2)
      Microsoft.Extensions.DependencyModel (>= 8.0.2)
      Microsoft.Extensions.Hosting (>= 8.0.1)
      Microsoft.Extensions.Hosting.Abstractions (>= 8.0.1)
      Microsoft.Extensions.Logging (>= 8.0.1)
      Microsoft.Extensions.Logging.Abstractions (>= 8.0.3)
      Microsoft.Extensions.Logging.Console (>= 8.0.1)
      Microsoft.Extensions.Logging.Debug (>= 8.0.1)
      Microsoft.Extensions.ObjectPool (>= 8.0.11)
      Microsoft.Extensions.Options (>= 8.0.2)
      Microsoft.Extensions.Options.ConfigurationExtensions (>= 8.0)
      Microsoft.Orleans.Analyzers (>= 9.2.1)
      Microsoft.Orleans.CodeGenerator (>= 9.2.1)
      Microsoft.Orleans.Runtime (>= 9.2.1)
      Newtonsoft.Json (>= 13.0.3)
      StackExchange.Redis (>= 2.8.16)
      System.Collections.Immutable (>= 8.0)
      System.IO.Hashing (>= 8.0)
      System.IO.Pipelines (>= 8.0)
      System.Memory.Data (>= 8.0.1)
    Microsoft.Orleans.Reminders (9.2.1)
      Microsoft.AspNetCore.Connections.Abstractions (>= 8.0.11)
      Microsoft.CodeAnalysis.Analyzers (>= 3.11)
      Microsoft.CodeAnalysis.Common (>= 4.5)
      Microsoft.CodeAnalysis.Workspaces.Common (>= 4.5)
      Microsoft.Extensions.Configuration (>= 8.0)
      Microsoft.Extensions.Configuration.Abstractions (>= 8.0)
      Microsoft.Extensions.Configuration.Binder (>= 8.0.2)
      Microsoft.Extensions.Configuration.Json (>= 8.0.1)
      Microsoft.Extensions.DependencyInjection (>= 8.0.1)
      Microsoft.Extensions.DependencyInjection.Abstractions (>= 8.0.2)
      Microsoft.Extensions.DependencyModel (>= 8.0.2)
      Microsoft.Extensions.Hosting (>= 8.0.1)
      Microsoft.Extensions.Hosting.Abstractions (>= 8.0.1)
      Microsoft.Extensions.Logging (>= 8.0.1)
      Microsoft.Extensions.Logging.Abstractions (>= 8.0.3)
      Microsoft.Extensions.Logging.Console (>= 8.0.1)
      Microsoft.Extensions.Logging.Debug (>= 8.0.1)
      Microsoft.Extensions.ObjectPool (>= 8.0.11)
      Microsoft.Extensions.Options (>= 8.0.2)
      Microsoft.Extensions.Options.ConfigurationExtensions (>= 8.0)
      Microsoft.Orleans.Analyzers (>= 9.2.1)
      Microsoft.Orleans.CodeGenerator (>= 9.2.1)
      Microsoft.Orleans.Core.Abstractions (>= 9.2.1)
      Microsoft.Orleans.Runtime (>= 9.2.1)
      Microsoft.Orleans.Sdk (>= 9.2.1)
      Newtonsoft.Json (>= 13.0.3)
      System.Collections.Immutable (>= 8.0)
      System.IO.Hashing (>= 8.0)
      System.IO.Pipelines (>= 8.0)
      System.Memory.Data (>= 8.0.1)
    Microsoft.Orleans.Reminders.Redis (9.2.1)
      Microsoft.AspNetCore.Connections.Abstractions (>= 8.0.11)
      Microsoft.CodeAnalysis.Analyzers (>= 3.11)
      Microsoft.CodeAnalysis.Common (>= 4.5)
      Microsoft.CodeAnalysis.Workspaces.Common (>= 4.5)
      Microsoft.Extensions.Configuration (>= 8.0)
      Microsoft.Extensions.Configuration.Abstractions (>= 8.0)
      Microsoft.Extensions.Configuration.Binder (>= 8.0.2)
      Microsoft.Extensions.Configuration.Json (>= 8.0.1)
      Microsoft.Extensions.DependencyInjection (>= 8.0.1)
      Microsoft.Extensions.DependencyInjection.Abstractions (>= 8.0.2)
      Microsoft.Extensions.DependencyModel (>= 8.0.2)
      Microsoft.Extensions.Hosting (>= 8.0.1)
      Microsoft.Extensions.Hosting.Abstractions (>= 8.0.1)
      Microsoft.Extensions.Logging (>= 8.0.1)
      Microsoft.Extensions.Logging.Abstractions (>= 8.0.3)
      Microsoft.Extensions.Logging.Console (>= 8.0.1)
      Microsoft.Extensions.Logging.Debug (>= 8.0.1)
      Microsoft.Extensions.ObjectPool (>= 8.0.11)
      Microsoft.Extensions.Options (>= 8.0.2)
      Microsoft.Extensions.Options.ConfigurationExtensions (>= 8.0)
      Microsoft.Orleans.Analyzers (>= 9.2.1)
      Microsoft.Orleans.CodeGenerator (>= 9.2.1)
      Microsoft.Orleans.Reminders (>= 9.2.1)
      Microsoft.Orleans.Runtime (>= 9.2.1)
      Newtonsoft.Json (>= 13.0.3)
      StackExchange.Redis (>= 2.8.16)
      System.Collections.Immutable (>= 8.0)
      System.IO.Hashing (>= 8.0)
      System.IO.Pipelines (>= 8.0)
      System.Memory.Data (>= 8.0.1)
    Microsoft.Orleans.Runtime (9.2.1)
      Microsoft.AspNetCore.Connections.Abstractions (>= 8.0.11)
      Microsoft.CodeAnalysis.Analyzers (>= 3.11)
      Microsoft.CodeAnalysis.Common (>= 4.5)
      Microsoft.CodeAnalysis.Workspaces.Common (>= 4.5)
      Microsoft.Extensions.Configuration (>= 8.0)
      Microsoft.Extensions.Configuration.Abstractions (>= 8.0)
      Microsoft.Extensions.Configuration.Binder (>= 8.0.2)
      Microsoft.Extensions.Configuration.Json (>= 8.0.1)
      Microsoft.Extensions.DependencyInjection (>= 8.0.1)
      Microsoft.Extensions.DependencyInjection.Abstractions (>= 8.0.2)
      Microsoft.Extensions.DependencyModel (>= 8.0.2)
      Microsoft.Extensions.Hosting (>= 8.0.1)
      Microsoft.Extensions.Hosting.Abstractions (>= 8.0.1)
      Microsoft.Extensions.Logging (>= 8.0.1)
      Microsoft.Extensions.Logging.Abstractions (>= 8.0.3)
      Microsoft.Extensions.Logging.Console (>= 8.0.1)
      Microsoft.Extensions.Logging.Debug (>= 8.0.1)
      Microsoft.Extensions.ObjectPool (>= 8.0.11)
      Microsoft.Extensions.Options (>= 8.0.2)
      Microsoft.Extensions.Options.ConfigurationExtensions (>= 8.0)
      Microsoft.Orleans.Analyzers (>= 9.2.1)
      Microsoft.Orleans.CodeGenerator (>= 9.2.1)
      Microsoft.Orleans.Core (>= 9.2.1)
      Newtonsoft.Json (>= 13.0.3)
      System.Collections.Immutable (>= 8.0)
      System.IO.Hashing (>= 8.0)
      System.IO.Pipelines (>= 8.0)
      System.Memory.Data (>= 8.0.1)
    Microsoft.Orleans.Sdk (9.2.1)
      Microsoft.AspNetCore.Connections.Abstractions (>= 8.0.11)
      Microsoft.CodeAnalysis.Analyzers (>= 3.11)
      Microsoft.CodeAnalysis.Common (>= 4.5)
      Microsoft.CodeAnalysis.Workspaces.Common (>= 4.5)
      Microsoft.Extensions.Configuration (>= 8.0)
      Microsoft.Extensions.Configuration.Abstractions (>= 8.0)
      Microsoft.Extensions.Configuration.Binder (>= 8.0.2)
      Microsoft.Extensions.Configuration.Json (>= 8.0.1)
      Microsoft.Extensions.DependencyInjection (>= 8.0.1)
      Microsoft.Extensions.DependencyInjection.Abstractions (>= 8.0.2)
      Microsoft.Extensions.DependencyModel (>= 8.0.2)
      Microsoft.Extensions.Hosting (>= 8.0.1)
      Microsoft.Extensions.Hosting.Abstractions (>= 8.0.1)
      Microsoft.Extensions.Logging (>= 8.0.1)
      Microsoft.Extensions.Logging.Abstractions (>= 8.0.3)
      Microsoft.Extensions.Logging.Console (>= 8.0.1)
      Microsoft.Extensions.Logging.Debug (>= 8.0.1)
      Microsoft.Extensions.ObjectPool (>= 8.0.11)
      Microsoft.Extensions.Options (>= 8.0.2)
      Microsoft.Extensions.Options.ConfigurationExtensions (>= 8.0)
      Microsoft.Orleans.Analyzers (>= 9.2.1)
      Microsoft.Orleans.CodeGenerator (>= 9.2.1)
      Microsoft.Orleans.Core (>= 9.2.1)
      Newtonsoft.Json (>= 13.0.3)
      System.Collections.Immutable (>= 8.0)
      System.IO.Hashing (>= 8.0)
      System.IO.Pipelines (>= 8.0)
      System.Memory.Data (>= 8.0.1)
    Microsoft.Orleans.Serialization (9.2.1)
      Microsoft.CodeAnalysis.Analyzers (>= 3.11)
      Microsoft.CodeAnalysis.Common (>= 4.5)
      Microsoft.CodeAnalysis.Workspaces.Common (>= 4.5)
      Microsoft.Extensions.DependencyInjection.Abstractions (>= 8.0.2)
      Microsoft.Extensions.DependencyModel (>= 8.0.2)
      Microsoft.Extensions.ObjectPool (>= 8.0.11)
      Microsoft.Extensions.Options (>= 8.0.2)
      Microsoft.Orleans.Analyzers (>= 9.2.1)
      Microsoft.Orleans.CodeGenerator (>= 9.2.1)
      Microsoft.Orleans.Serialization.Abstractions (>= 9.2.1)
      System.Collections.Immutable (>= 8.0)
      System.IO.Hashing (>= 8.0)
      System.IO.Pipelines (>= 8.0)
    Microsoft.Orleans.Serialization.Abstractions (9.2.1)
      Microsoft.Extensions.DependencyInjection.Abstractions (>= 8.0.2)
    Microsoft.Orleans.Server (9.2.1)
      Microsoft.AspNetCore.Connections.Abstractions (>= 8.0.11)
      Microsoft.CodeAnalysis.Analyzers (>= 3.11)
      Microsoft.CodeAnalysis.Common (>= 4.5)
      Microsoft.CodeAnalysis.Workspaces.Common (>= 4.5)
      Microsoft.Extensions.Configuration (>= 8.0)
      Microsoft.Extensions.Configuration.Abstractions (>= 8.0)
      Microsoft.Extensions.Configuration.Binder (>= 8.0.2)
      Microsoft.Extensions.Configuration.Json (>= 8.0.1)
      Microsoft.Extensions.DependencyInjection (>= 8.0.1)
      Microsoft.Extensions.DependencyInjection.Abstractions (>= 8.0.2)
      Microsoft.Extensions.DependencyModel (>= 8.0.2)
      Microsoft.Extensions.Hosting (>= 8.0.1)
      Microsoft.Extensions.Hosting.Abstractions (>= 8.0.1)
      Microsoft.Extensions.Logging (>= 8.0.1)
      Microsoft.Extensions.Logging.Abstractions (>= 8.0.3)
      Microsoft.Extensions.Logging.Console (>= 8.0.1)
      Microsoft.Extensions.Logging.Debug (>= 8.0.1)
      Microsoft.Extensions.ObjectPool (>= 8.0.11)
      Microsoft.Extensions.Options (>= 8.0.2)
      Microsoft.Extensions.Options.ConfigurationExtensions (>= 8.0)
      Microsoft.Orleans.Persistence.Memory (>= 9.2.1)
      Microsoft.Orleans.Runtime (>= 9.2.1)
      Microsoft.Orleans.Sdk (>= 9.2.1)
      Newtonsoft.Json (>= 13.0.3)
      System.Collections.Immutable (>= 8.0)
      System.IO.Hashing (>= 8.0)
      System.IO.Pipelines (>= 8.0)
      System.Memory.Data (>= 8.0.1)
    Microsoft.Orleans.Streaming (9.2.1)
      Microsoft.AspNetCore.Connections.Abstractions (>= 8.0.11)
      Microsoft.CodeAnalysis.Analyzers (>= 3.11)
      Microsoft.CodeAnalysis.Common (>= 4.5)
      Microsoft.CodeAnalysis.Workspaces.Common (>= 4.5)
      Microsoft.Extensions.Configuration (>= 8.0)
      Microsoft.Extensions.Configuration.Abstractions (>= 8.0)
      Microsoft.Extensions.Configuration.Binder (>= 8.0.2)
      Microsoft.Extensions.Configuration.Json (>= 8.0.1)
      Microsoft.Extensions.DependencyInjection (>= 8.0.1)
      Microsoft.Extensions.DependencyInjection.Abstractions (>= 8.0.2)
      Microsoft.Extensions.DependencyModel (>= 8.0.2)
      Microsoft.Extensions.Hosting (>= 8.0.1)
      Microsoft.Extensions.Hosting.Abstractions (>= 8.0.1)
      Microsoft.Extensions.Logging (>= 8.0.1)
      Microsoft.Extensions.Logging.Abstractions (>= 8.0.3)
      Microsoft.Extensions.Logging.Console (>= 8.0.1)
      Microsoft.Extensions.Logging.Debug (>= 8.0.1)
      Microsoft.Extensions.ObjectPool (>= 8.0.11)
      Microsoft.Extensions.Options (>= 8.0.2)
      Microsoft.Extensions.Options.ConfigurationExtensions (>= 8.0)
      Microsoft.Orleans.Analyzers (>= 9.2.1)
      Microsoft.Orleans.CodeGenerator (>= 9.2.1)
      Microsoft.Orleans.Runtime (>= 9.2.1)
      Newtonsoft.Json (>= 13.0.3)
      System.Collections.Immutable (>= 8.0)
      System.IO.Hashing (>= 8.0)
      System.IO.Pipelines (>= 8.0)
      System.Memory.Data (>= 8.0.1)
    Microsoft.TestPlatform.ObjectModel (17.14.1)
      System.Reflection.Metadata (>= 8.0)
    Microsoft.TestPlatform.TestHost (17.14.1)
      Microsoft.TestPlatform.ObjectModel (>= 17.14.1)
      Newtonsoft.Json (>= 13.0.3)
    Newtonsoft.Json (13.0.4)
    OpenTelemetry (1.12)
      Microsoft.Extensions.Diagnostics.Abstractions (>= 9.0)
      Microsoft.Extensions.Logging.Configuration (>= 9.0)
      OpenTelemetry.Api.ProviderBuilderExtensions (>= 1.12)
    OpenTelemetry.Api (1.12)
      System.Diagnostics.DiagnosticSource (>= 9.0)
    OpenTelemetry.Api.ProviderBuilderExtensions (1.12)
      Microsoft.Extensions.DependencyInjection.Abstractions (>= 9.0)
      OpenTelemetry.Api (>= 1.12)
    OpenTelemetry.Exporter.OpenTelemetryProtocol (1.12)
      OpenTelemetry (>= 1.12)
    OpenTelemetry.Extensions.Hosting (1.12)
      Microsoft.Extensions.Hosting.Abstractions (>= 9.0)
      OpenTelemetry (>= 1.12)
    OpenTelemetry.Instrumentation.AspNetCore (1.12)
      OpenTelemetry.Api.ProviderBuilderExtensions (>= 1.12 < 2.0)
    OpenTelemetry.Instrumentation.Http (1.12)
      Microsoft.Extensions.Configuration (>= 9.0)
      Microsoft.Extensions.Options (>= 9.0)
      OpenTelemetry.Api.ProviderBuilderExtensions (>= 1.12 < 2.0)
    OpenTelemetry.Instrumentation.Runtime (1.12)
      OpenTelemetry.Api (>= 1.12 < 2.0)
    OrleansDashboard (8.2)
      Microsoft.Orleans.Reminders (>= 8.2)
      Microsoft.Orleans.Sdk (>= 8.2)
      OpenTelemetry (>= 1.9)
      OrleansDashboard.Core (>= 8.2)
    OrleansDashboard.Core (8.2)
      Microsoft.Orleans.Runtime (>= 8.2)
      Microsoft.Orleans.Sdk (>= 8.2)
    Pipelines.Sockets.Unofficial (2.2.8)
      System.IO.Pipelines (>= 5.0.1)
    Polly (8.6.3)
      Polly.Core (>= 8.6.3)
    Polly.Core (8.6.3)
    Serilog (4.3)
    Serilog.AspNetCore (9.0)
      Serilog (>= 4.2)
      Serilog.Extensions.Hosting (>= 9.0)
      Serilog.Formatting.Compact (>= 3.0)
      Serilog.Settings.Configuration (>= 9.0)
      Serilog.Sinks.Console (>= 6.0)
      Serilog.Sinks.Debug (>= 3.0)
      Serilog.Sinks.File (>= 6.0)
    Serilog.Extensions.Hosting (9.0)
      Microsoft.Extensions.DependencyInjection.Abstractions (>= 9.0)
      Microsoft.Extensions.Hosting.Abstractions (>= 9.0)
      Microsoft.Extensions.Logging.Abstractions (>= 9.0)
      Serilog (>= 4.2)
      Serilog.Extensions.Logging (>= 9.0)
    Serilog.Extensions.Logging (9.0.2)
      Microsoft.Extensions.Logging (>= 9.0)
      Serilog (>= 4.2)
    Serilog.Formatting.Compact (3.0)
      Serilog (>= 4.0)
    Serilog.Settings.Configuration (9.0)
      Microsoft.Extensions.Configuration.Binder (>= 9.0)
      Microsoft.Extensions.DependencyModel (>= 9.0)
      Serilog (>= 4.2)
    Serilog.Sinks.Console (6.0)
      Serilog (>= 4.0)
    Serilog.Sinks.Debug (3.0)
      Serilog (>= 4.0)
    Serilog.Sinks.File (7.0)
      Serilog (>= 4.2)
    Serilog.Sinks.OpenTelemetry (4.2)
      Google.Protobuf (>= 3.30.1)
      Grpc.Net.Client (>= 2.70)
      Serilog (>= 4.2)
    Spectre.Console (0.51.1)
    Spectre.Console.Cli (0.51.1)
      Spectre.Console (>= 0.51.1)
    StackExchange.Redis (2.9.17)
      Microsoft.Extensions.Logging.Abstractions (>= 8.0)
      Pipelines.Sockets.Unofficial (>= 2.2.8)
    System.Collections.Immutable (9.0.9)
    System.Composition (9.0.9)
      System.Composition.AttributedModel (>= 9.0.9)
      System.Composition.Convention (>= 9.0.9)
      System.Composition.Hosting (>= 9.0.9)
      System.Composition.Runtime (>= 9.0.9)
      System.Composition.TypedParts (>= 9.0.9)
    System.Composition.AttributedModel (9.0.9)
    System.Composition.Convention (9.0.9)
      System.Composition.AttributedModel (>= 9.0.9)
    System.Composition.Hosting (9.0.9)
      System.Composition.Runtime (>= 9.0.9)
    System.Composition.Runtime (9.0.9)
    System.Composition.TypedParts (9.0.9)
      System.Composition.AttributedModel (>= 9.0.9)
      System.Composition.Hosting (>= 9.0.9)
      System.Composition.Runtime (>= 9.0.9)
    System.Diagnostics.DiagnosticSource (9.0.9)
    System.Diagnostics.EventLog (9.0.9)
    System.Interactive (6.0.3)
    System.IO.Hashing (9.0.9)
    System.IO.Pipelines (9.0.9)
    System.Memory.Data (9.0.9)
    System.Reactive (6.0.2)
    System.Reflection.Metadata (9.0.9)
    System.Threading.Channels (9.0.9)
    xunit (2.9.3)
      xunit.analyzers (>= 1.18)
      xunit.assert (>= 2.9.3)
      xunit.core (2.9.3)
    xunit.abstractions (2.0.3)
    xunit.analyzers (1.24)
    xunit.assert (2.9.3)
    xunit.core (2.9.3)
      xunit.extensibility.core (2.9.3)
      xunit.extensibility.execution (2.9.3)
    xunit.extensibility.core (2.9.3)
      xunit.abstractions (>= 2.0.3)
    xunit.extensibility.execution (2.9.3)
      xunit.extensibility.core (2.9.3)
    xunit.runner.visualstudio (3.1.4) - copy_local: true
